PATH
  remote: .
  specs:
    jekyll-page-boilerplate (5.0.0)
      stringex (~> 2.8, >= 2.8.5)
      thor (~> 1.2, >= 1.2.1)

GEM
  remote: https://rubygems.org/
  specs:
    coderay (1.1.3)
    diff-lcs (1.5.0)
    method_source (1.0.0)
    pry (0.14.1)
      coderay (~> 1.1)
      method_source (~> 1.0)
    rake (12.3.3)
    rspec (3.12.0)
      rspec-core (~> 3.12.0)
      rspec-expectations (~> 3.12.0)
      rspec-mocks (~> 3.12.0)
    rspec-core (3.12.0)
      rspec-support (~> 3.12.0)
    rspec-expectations (3.12.2)
      diff-lcs (>= 1.2.0, < 2.0)
      rspec-support (~> 3.12.0)
    rspec-mocks (3.12.2)
      diff-lcs (>= 1.2.0, < 2.0)
      rspec-support (~> 3.12.0)
    rspec-support (3.12.0)
    stringex (2.8.5)
    thor (1.2.1)

PLATFORMS
  ruby

DEPENDENCIES
  jekyll-page-boilerplate!
  pry (~> 0.14)
  rake (~> 12.3)
  rspec (~> 3.11)

BUNDLED WITH
   2.4.3
