PATH
  remote: .
  specs:
    jekyll-page-boilerplate (4.4.1)
      bales (~> 0.1.3)
      stringex (~> 2.8, >= 2.8.5)

GEM
  remote: https://rubygems.org/
  specs:
    bales (0.1.3)
    diff-lcs (1.5.0)
    rake (12.3.3)
    rspec (3.11.0)
      rspec-core (~> 3.11.0)
      rspec-expectations (~> 3.11.0)
      rspec-mocks (~> 3.11.0)
    rspec-core (3.11.0)
      rspec-support (~> 3.11.0)
    rspec-expectations (3.11.0)
      diff-lcs (>= 1.2.0, < 2.0)
      rspec-support (~> 3.11.0)
    rspec-mocks (3.11.1)
      diff-lcs (>= 1.2.0, < 2.0)
      rspec-support (~> 3.11.0)
    rspec-support (3.11.0)
    stringex (2.8.5)

PLATFORMS
  ruby

DEPENDENCIES
  jekyll-page-boilerplate!
  rake (~> 12.3)
  rspec (~> 3.11)

BUNDLED WITH
   2.2.14
