PATH
  remote: .
  specs:
    jekyll-page-boilerplate (1.0.0)
      mercenary (= 0.4.0)
      stringex

GEM
  remote: https://rubygems.org/
  specs:
    diff-lcs (1.4.4)
    mercenary (0.4.0)
    rake (12.3.2)
    rspec (3.9.0)
      rspec-core (~> 3.9.0)
      rspec-expectations (~> 3.9.0)
      rspec-mocks (~> 3.9.0)
    rspec-core (3.9.3)
      rspec-support (~> 3.9.3)
    rspec-expectations (3.9.2)
      diff-lcs (>= 1.2.0, < 2.0)
      rspec-support (~> 3.9.0)
    rspec-mocks (3.9.1)
      diff-lcs (>= 1.2.0, < 2.0)
      rspec-support (~> 3.9.0)
    rspec-support (3.9.3)
    stringex (2.8.5)

PLATFORMS
  ruby

DEPENDENCIES
  jekyll-page-boilerplate!
  rake (~> 12.0)
  rspec (~> 3.0)

BUNDLED WITH
   2.1.4
